GEM
  remote: http://rubygems.org/
  specs:
    opengl (0.8.0.pre1)
    png (1.2.0)
    rmagick (2.13.1)

PLATFORMS
  ruby

DEPENDENCIES
  opengl
  png
  rmagick
